GEM
  specs:
    adsf (1.1.1)
      rack (>= 1.0.0)
    rack (1.4.1)

PLATFORMS
  ruby

DEPENDENCIES
  adsf
